GEM
  remote: https://rubygems.org/
  specs:
    mina (0.3.7)
      open4 (~> 1.3.4)
      rake
    mina-unicorn (0.3.0)
    open4 (1.3.4)
    rack (1.6.4)
    rake (10.4.2)

PLATFORMS
  ruby

DEPENDENCIES
  mina
  mina-unicorn
  rack

BUNDLED WITH
   1.10.6
