GEM
  remote: https://rubygems.org/
  specs:
    kgio (2.10.0)
    mina (0.3.8)
      open4 (~> 1.3.4)
      rake
    mina-unicorn (0.4.0)
    open4 (1.3.4)
    rack (2.0.1)
    raindrops (0.17.0)
    rake (11.2.2)
    unicorn (5.1.0)
      kgio (~> 2.6)
      raindrops (~> 0.7)

PLATFORMS
  ruby

DEPENDENCIES
  mina
  mina-unicorn
  rack
  unicorn

BUNDLED WITH
   1.11.2
