PATH
  remote: ../../
  specs:
    mina-unicorn (0.5.0)
      mina (~> 1.0)

GEM
  remote: https://rubygems.org/
  specs:
    coderay (1.1.1)
    kgio (2.10.0)
    method_source (0.8.2)
    mina (1.0.2)
      open4 (~> 1.3.4)
      rake
    open4 (1.3.4)
    pry (0.10.4)
      coderay (~> 1.1.0)
      method_source (~> 0.8.1)
      slop (~> 3.4)
    rack (2.0.1)
    raindrops (0.17.0)
    rake (11.3.0)
    slop (3.6.0)
    unicorn (5.1.0)
      kgio (~> 2.6)
      raindrops (~> 0.7)

PLATFORMS
  ruby

DEPENDENCIES
  mina
  mina-unicorn!
  pry
  rack
  unicorn

BUNDLED WITH
   1.13.2
