GEM
  remote: https://rubygems.org/
  specs:
    kgio (2.9.3)
    mina (0.3.7)
      open4 (~> 1.3.4)
      rake
    mina-unicorn (0.3.0)
    open4 (1.3.4)
    rack (1.6.4)
    raindrops (0.14.0)
    rake (10.4.2)
    unicorn (4.9.0)
      kgio (~> 2.6)
      rack
      raindrops (~> 0.7)

PLATFORMS
  ruby

DEPENDENCIES
  mina
  mina-unicorn
  rack
  unicorn

BUNDLED WITH
   1.10.6
